GIT
  remote: https://github.com/instructure/ims-lti.git
  revision: 83959e21aad9a2c24f63dcfc78e232a13e9d2758
  branch: 1.2.x
  specs:
    ims-lti (1.2.2)
      builder
      oauth (>= 0.4.5, < 0.6)

GEM
  remote: https://rubygems.org/
  specs:
    builder (3.2.3)
    mustermann (1.0.2)
    oauth (0.5.4)
    rack (2.0.5)
    rack-protection (2.0.3)
      rack
    shotgun (0.9.2)
      rack (>= 1.0)
    sinatra (2.0.3)
      mustermann (~> 1.0)
      rack (~> 2.0)
      rack-protection (= 2.0.3)
      tilt (~> 2.0)
    tilt (2.0.8)

PLATFORMS
  ruby

DEPENDENCIES
  ims-lti!
  shotgun
  sinatra (~> 2.0, >= 2.0.2)

BUNDLED WITH
   1.16.1
