GIT
  remote: https://github.com/instructure/ims-lti.git
  revision: ab7bfe23b8cd28abc014e9f8a0a49ce2be73d809
  specs:
    ims-lti (1.1.12)
      builder
      oauth (~> 0.4.5)

GEM
  remote: https://rubygems.org/
  specs:
    builder (3.2.2)
    coderay (1.1.1)
    erubis (2.7.0)
    json (1.8.3)
    macaddr (1.7.1)
      systemu (~> 2.6.2)
    method_source (0.8.2)
    oauth (0.4.7)
    pry (0.10.3)
      coderay (~> 1.1.0)
      method_source (~> 0.8.1)
      slop (~> 3.4)
    rack (1.6.4)
    rack-protection (1.5.3)
      rack
    shotgun (0.9.1)
      rack (>= 1.0)
    sinatra (1.4.7)
      rack (~> 1.5)
      rack-protection (~> 1.4)
      tilt (>= 1.3, < 3)
    slop (3.6.0)
    systemu (2.6.5)
    tilt (2.0.5)
    uuid (2.3.8)
      macaddr (~> 1.0)

PLATFORMS
  ruby

DEPENDENCIES
  erubis (= 2.7.0)
  ims-lti!
  json
  pry
  shotgun
  sinatra
  uuid
