GIT
  remote: https://github.com/instructure/ims-lti.git
  revision: 83959e21aad9a2c24f63dcfc78e232a13e9d2758
  branch: 1.2.x
  specs:
    ims-lti (1.2.2)
      builder
      oauth (>= 0.4.5, < 0.6)

GEM
  remote: https://rubygems.org/
  specs:
    builder (3.2.3)
    oauth (0.5.4)
    rack (1.6.12)
    rack-protection (1.5.5)
      rack
    shotgun (0.9.2)
      rack (>= 1.0)
    sinatra (1.4.8)
      rack (~> 1.5)
      rack-protection (~> 1.4)
      tilt (>= 1.3, < 3)
    tilt (2.0.10)

PLATFORMS
  ruby

DEPENDENCIES
  ims-lti!
  shotgun (>= 0.9.2)
  sinatra (~> 1.4, >= 1.4.8)

BUNDLED WITH
   1.17.3
